PATH
  remote: .
  specs:
    passaporteweb-client (0.0.1)
      multi_json (= 1.7)
      rest-client (= 1.6)

GEM
  remote: https://rubygems.org/
  specs:
    addressable (2.3.3)
    awesome_print (1.1.0)
    coderay (1.0.9)
    crack (0.3.2)
    diff-lcs (1.2.1)
    method_source (0.8.1)
    mime-types (1.21)
    multi_json (1.7.0)
    pry (0.9.12)
      coderay (~> 1.0.5)
      method_source (~> 0.8)
      slop (~> 3.4)
    pry-nav (0.2.3)
      pry (~> 0.9.10)
    rake (10.0.3)
    rest-client (1.6.0)
      mime-types (>= 1.16)
    rspec (2.13.0)
      rspec-core (~> 2.13.0)
      rspec-expectations (~> 2.13.0)
      rspec-mocks (~> 2.13.0)
    rspec-core (2.13.1)
    rspec-expectations (2.13.0)
      diff-lcs (>= 1.1.3, < 2.0)
    rspec-mocks (2.13.0)
    slop (3.4.4)
    vcr (2.4.0)
    webmock (1.11.0)
      addressable (>= 2.2.7)
      crack (>= 0.3.2)

PLATFORMS
  ruby

DEPENDENCIES
  awesome_print (~> 1.1)
  bundler (~> 1.3)
  passaporteweb-client!
  pry (~> 0.9)
  pry-nav (~> 0.2)
  rake
  rspec (~> 2.13)
  vcr (~> 2.4)
  webmock (~> 1.10)
